GEM
  specs:
    coderay (1.1.3)
    colorize (1.1.0)
    method_source (1.1.0)
    pry (0.15.2)
      coderay (~> 1.1)
      method_source (~> 1.0)
    terminal-table (4.0.0)
      unicode-display_width (>= 1.1.1, < 4)
    unicode-display_width (3.1.4)
      unicode-emoji (~> 4.0, >= 4.0.4)
    unicode-emoji (4.0.4)

PLATFORMS
  x64-mingw-ucrt
  x86_64-linux

DEPENDENCIES
  colorize
  pry
  terminal-table

BUNDLED WITH
   2.6.6
